GEM
  remote: https://rubygems.org/
  specs:
    childprocess (0.6.2)
      ffi (~> 1.0, >= 1.0.11)
    ffi (1.9.18)
    headless (2.3.1)
    mini_portile2 (2.1.0)
    nokogiri (1.6.8.1)
      mini_portile2 (~> 2.1.0)
    rack (2.0.1)
    rubyzip (1.2.1)
    selenium-webdriver (3.3.0)
      childprocess (~> 0.5)
      rubyzip (~> 1.0)
      websocket (~> 1.0)
    watir (6.2.0)
      selenium-webdriver (~> 3.0)
    websocket (1.2.4)

PLATFORMS
  ruby

DEPENDENCIES
  headless
  nokogiri
  rack
  watir

BUNDLED WITH
   1.13.6
