GEM
  remote: https://rubygems.org/
  specs:
    childprocess (0.6.2)
      ffi (~> 1.0, >= 1.0.11)
    coderay (1.1.1)
    daemons (1.2.4)
    eventmachine (1.2.3)
    ffi (1.9.18)
    headless (2.3.1)
    jwt (1.5.6)
    method_source (0.8.2)
    mini_portile2 (2.1.0)
    nokogiri (1.6.8.1)
      mini_portile2 (~> 2.1.0)
    pry (0.10.4)
      coderay (~> 1.1.0)
      method_source (~> 0.8.1)
      slop (~> 3.4)
    rack (2.0.1)
    rubyzip (1.2.1)
    selenium-webdriver (3.3.0)
      childprocess (~> 0.5)
      rubyzip (~> 1.0)
      websocket (~> 1.0)
    slop (3.6.0)
    thin (1.7.0)
      daemons (~> 1.0, >= 1.0.9)
      eventmachine (~> 1.0, >= 1.0.4)
      rack (>= 1, < 3)
    watir (6.2.0)
      selenium-webdriver (~> 3.0)
    websocket (1.2.4)

PLATFORMS
  ruby

DEPENDENCIES
  eventmachine
  headless
  jwt
  nokogiri
  pry
  rack
  thin
  watir

BUNDLED WITH
   1.13.6
